GEM
  remote: https://rubygems.org/
  specs:
    activemodel (3.2.16)
      activesupport (= 3.2.16)
      builder (~> 3.0.0)
    activesupport (3.2.16)
      i18n (~> 0.6, >= 0.6.4)
      multi_json (~> 1.0)
    builder (3.0.4)
    celluloid (0.15.2)
      timers (~> 1.1.0)
    cuba (3.1.0)
      rack
    i18n (0.6.9)
    json (1.8.1)
    mime-types (2.1)
    mongoid (3.1.6)
      activemodel (~> 3.2)
      moped (~> 1.4)
      origin (~> 1.0)
      tzinfo (~> 0.3.29)
    moped (1.5.1)
    multi_json (1.8.4)
    mustache (0.99.5)
    origin (1.1.0)
    pg (0.17.1)
    puma (2.7.1)
      rack (>= 1.1, < 2.0)
    rack (1.5.2)
    rack-protection (1.5.2)
      rack
    rest-client (1.6.7)
      mime-types (>= 1.16)
    sucker_punch (1.0.2)
      celluloid (~> 0.15.1)
    timers (1.1.0)
    tzinfo (0.3.38)

PLATFORMS
  ruby

DEPENDENCIES
  cuba
  json
  mongoid
  mustache
  pg
  puma
  rack-protection
  rest-client
  sucker_punch
