GEM
  remote: https://rubygems.org/
  specs:
    activesupport (3.2.3)
      i18n (~> 0.6)
      multi_json (~> 1.0)
    celluloid (0.15.2)
      timers (~> 1.1.0)
    daemons (1.1.9)
    eventmachine (1.0.3)
    haml (4.0.4)
      tilt
    i18n (0.6.9)
    json (1.8.1)
    mail (2.2.7)
      activesupport (>= 2.3.6)
      mime-types
      treetop (>= 1.4.5)
    mime-types (2.0)
    multi_json (1.8.2)
    pg (0.17.1)
    polyglot (0.3.3)
    pony (1.4)
      mail (> 2.0)
    rack (1.5.2)
    rack-protection (1.5.1)
      rack
    redcarpet (3.0.0)
    rest-client (1.6.7)
      mime-types (>= 1.16)
    sequel (4.5.0)
    sinatra (1.4.4)
      rack (~> 1.4)
      rack-protection (~> 1.4)
      tilt (~> 1.3, >= 1.3.4)
    sucker_punch (1.0.2)
      celluloid (~> 0.15.1)
    thin (1.5.0)
      daemons (>= 1.0.9)
      eventmachine (>= 0.12.6)
      rack (>= 1.0.0)
    tilt (1.4.1)
    timers (1.1.0)
    treetop (1.4.15)
      polyglot
      polyglot (>= 0.3.1)

PLATFORMS
  ruby

DEPENDENCIES
  haml
  json
  pg
  pony
  redcarpet
  rest-client
  sequel
  sinatra
  sucker_punch
  thin
